PATH
  remote: .
  specs:
    minitest-metadata (0.4.0)
      minitest (~> 4.7)

GEM
  remote: http://rubygems.org/
  specs:
    minitest (4.7.1)
    rake (0.9.2.2)

PLATFORMS
  ruby

DEPENDENCIES
  minitest-metadata!
  rake
